GIT
  remote: git://git.code.sf.net/p/conferenceplan/planner-core
  revision: adaff5ac96be7f5108223baa90b8d6daed078cbe
  specs:
    planner-core (0.7.33)
      actionmailer
      activerecord
      acts-as-taggable-on (= 3.1.1)
      audited-activerecord (~> 3.0)
      axlsx_rails
      bcrypt
      bootstrap-sass (= 3.1.1.0)
      bootstrap3-datetimepicker-rails (~> 4.7.14)
      browser
      carrierwave
      cells (~> 3.11.3)
      ckeditor_rails (= 4.4.7)
      cloudinary
      connection_pool
      d3_rails
      dalli
      declarative_authorization
      deep_cloneable (~> 1.6.0)
      delayed_job
      delayed_job_active_record
      devise
      encoding_sampler
      figaro
      font_assets
      geocoder
      i18n
      jbuilder
      jpbuilder
      jqgrid-jquery-rails (~> 4.5.200)
      jquery-rails (= 2.2.1)
      jquery-ui-rails (= 3.0.1)
      log4r
      momentjs-rails (>= 2.9.0)
      prawn-table
      prawn_rails
      rails (~> 3.2.17)
      ranked-model
      recaptcha
      routing-filter
      scrypt
      select2-rails
      time_diff
      turbolinks
      twitter-typeahead-rails
      will_paginate

GIT
  remote: git://git.code.sf.net/p/conferenceplan/planner_konopas
  revision: ce2bdef1b7d6d93a852eabfed27f2d3e151d405a
  specs:
    planner_konopas (0.2.11)
      devise
      globalize (~> 3.1.0)
      planner-core
      rails (~> 3.2.18)

GIT
  remote: git://github.com/balen/enumerations_mixin.git
  revision: ea07c9f01ac3783c407a93ee46fb417865c0aaac
  specs:
    enumerations_mixin (0.2.5)
      rails (>= 3.2.0)

GIT
  remote: git://github.com/svenfuchs/i18n-active_record.git
  revision: 4628202f676aecfbc00d404342e61f75078d9439
  tag: rails-3.2
  specs:
    i18n-active_record (0.0.2)
      i18n (>= 0.6.0)

GEM
  remote: https://rubygems.org/
  specs:
    actionmailer (3.2.22.4)
      actionpack (= 3.2.22.4)
      mail (~> 2.5.4)
    actionpack (3.2.22.4)
      activemodel (= 3.2.22.4)
      activesupport (= 3.2.22.4)
      builder (~> 3.0.0)
      erubis (~> 2.7.0)
      journey (~> 1.0.4)
      rack (~> 1.4.5)
      rack-cache (~> 1.2)
      rack-test (~> 0.6.1)
      sprockets (~> 2.2.1)
    activemodel (3.2.22.4)
      activesupport (= 3.2.22.4)
      builder (~> 3.0.0)
    activerecord (3.2.22.4)
      activemodel (= 3.2.22.4)
      activesupport (= 3.2.22.4)
      arel (~> 3.0.2)
      tzinfo (~> 0.3.29)
    activeresource (3.2.22.4)
      activemodel (= 3.2.22.4)
      activesupport (= 3.2.22.4)
    activesupport (3.2.22.4)
      i18n (~> 0.6, >= 0.6.4)
      multi_json (~> 1.0)
    acts-as-taggable-on (3.1.1)
      actionpack (>= 3, < 5)
      activerecord (>= 3, < 5)
      activesupport (>= 3, < 5)
    arel (3.0.3)
    audited (3.0.0)
    audited-activerecord (3.0.0)
      activerecord (~> 3.0)
      audited (= 3.0.0)
    aws_cf_signer (0.1.3)
    axlsx (2.0.1)
      htmlentities (~> 4.3.1)
      nokogiri (>= 1.4.1)
      rubyzip (~> 1.0.0)
    axlsx_rails (0.5.0)
      actionpack (>= 3.1)
      axlsx (>= 2.0.1)
    bcrypt (3.1.11)
    best_in_place (2.1.0)
      jquery-rails
      rails (~> 3.1)
    bootstrap-sass (3.1.1.0)
      sass (~> 3.2)
    bootstrap3-datetimepicker-rails (4.7.14)
      momentjs-rails (>= 2.8.1)
    browser (2.2.0)
    builder (3.0.4)
    cancan (1.6.10)
    carrierwave (0.11.2)
      activemodel (>= 3.2.0)
      activesupport (>= 3.2.0)
      json (>= 1.7)
      mime-types (>= 1.16)
      mimemagic (>= 0.3.0)
    cells (3.11.3)
      actionpack (>= 3.0)
      railties (>= 3.0)
      uber (~> 0.0.8)
    chunky_png (1.3.6)
    ckeditor_rails (4.4.7)
      railties (>= 3.0)
    cloudinary (1.2.2)
      aws_cf_signer
      rest-client
    coffee-rails (3.2.2)
      coffee-script (>= 2.2.0)
      railties (~> 3.2.0)
    coffee-script (2.4.1)
      coffee-script-source
      execjs
    coffee-script-source (1.10.0)
    compass (1.0.3)
      chunky_png (~> 1.2)
      compass-core (~> 1.0.2)
      compass-import-once (~> 1.0.5)
      rb-fsevent (>= 0.9.3)
      rb-inotify (>= 0.9)
      sass (>= 3.3.13, < 3.5)
    compass-core (1.0.3)
      multi_json (~> 1.0)
      sass (>= 3.3.0, < 3.5)
    compass-import-once (1.0.5)
      sass (>= 3.2, < 3.5)
    compass-rails (3.0.2)
      compass (~> 1.0.0)
      sass-rails (< 5.1)
      sprockets (< 4.0)
    connection_pool (2.2.0)
    d3_rails (4.1.1)
      railties (>= 3.1.0)
    daemons (1.2.4)
    dalli (2.7.6)
    declarative_authorization (0.5.7)
    deep_cloneable (1.6.1)
      activerecord (>= 3.1.0)
    delayed_job (4.1.2)
      activesupport (>= 3.0, < 5.1)
    delayed_job_active_record (4.1.1)
      activerecord (>= 3.0, < 5.1)
      delayed_job (>= 3.0, < 5)
    devise (3.5.10)
      bcrypt (~> 3.0)
      orm_adapter (~> 0.1)
      railties (>= 3.2.6, < 5)
      responders
      thread_safe (~> 0.1)
      warden (~> 1.2.3)
    diff-lcs (1.2.5)
    domain_name (0.5.20160615)
      unf (>= 0.0.5, < 1.0.0)
    encoding_sampler (0.3.1)
      diff-lcs (~> 1.1)
    erubis (2.7.0)
    execjs (2.7.0)
    ffi (1.9.14)
    ffi-compiler (1.0.1)
      ffi (>= 1.0.0)
      rake
    ffi2-generators (0.1.1)
    figaro (1.1.1)
      thor (~> 0.14)
    font_assets (0.1.12)
      rack
    geocoder (1.3.7)
    globalize (3.1.0)
      activemodel (>= 3.1.0, < 4.0.0)
      activerecord (>= 3.1.0, < 4.0.0)
    hike (1.2.3)
    htmlentities (4.3.4)
    http-cookie (1.0.2)
      domain_name (~> 0.5)
    i18n (0.6.11)
    interpret (1.1.2)
      best_in_place (~> 2)
      cancan (~> 1.6.0)
      i18n (~> 0.6.0)
      i18n-active_record
      jquery-rails
      lazyhash (>= 0.1.1)
      rails (~> 3.1)
      ya2yaml (>= 0.30.0)
    jbuilder (2.6.0)
      activesupport (>= 3.0.0, < 5.1)
      multi_json (~> 1.2)
    journey (1.0.4)
    jpbuilder (0.2.5)
      jbuilder
    jqgrid-jquery-rails (4.5.400)
      jquery-rails
      jquery-ui-rails (< 5.0.0)
      railties (>= 3.1)
    jquery-rails (2.2.1)
      railties (>= 3.0, < 5.0)
      thor (>= 0.14, < 2.0)
    jquery-ui-rails (3.0.1)
      jquery-rails
      railties (>= 3.1.0)
    json (2.0.2)
    lazyhash (0.1.1)
    libv8 (3.16.14.15)
    log4r (1.1.10)
    mail (2.5.4)
      mime-types (~> 1.16)
      treetop (~> 1.4.8)
    mime-types (1.25.1)
    mimemagic (0.3.2)
    mini_portile (0.6.0)
    momentjs-rails (2.11.1)
      railties (>= 3.1)
    multi_json (1.12.1)
    mysql2 (0.4.4)
    netrc (0.11.0)
    nokogiri (1.6.2.1)
      mini_portile (= 0.6.0)
    orm_adapter (0.5.0)
    pdf-core (0.6.1)
    polyglot (0.3.5)
    power_assert (0.3.0)
    prawn (2.1.0)
      pdf-core (~> 0.6.1)
      ttfunk (~> 1.4.0)
    prawn-table (0.2.2)
      prawn (>= 1.3.0, < 3.0.0)
    prawn_rails (0.0.11)
      prawn (>= 0.11.1)
      railties (>= 3.0.0)
    puma (3.6.0)
    racc (1.4.9)
    rack (1.4.5)
    rack-cache (1.6.1)
      rack (>= 0.4)
    rack-ssl (1.3.4)
      rack
    rack-test (0.6.3)
      rack (>= 1.0)
    rails (3.2.22.4)
      actionmailer (= 3.2.22.4)
      actionpack (= 3.2.22.4)
      activerecord (= 3.2.22.4)
      activeresource (= 3.2.22.4)
      activesupport (= 3.2.22.4)
      bundler (~> 1.0)
      railties (= 3.2.22.4)
    railties (3.2.22.4)
      actionpack (= 3.2.22.4)
      activesupport (= 3.2.22.4)
      rack-ssl (~> 1.3.2)
      rake (>= 0.8.7)
      rdoc (~> 3.4)
      thor (>= 0.14.6, < 2.0)
    rake (11.2.2)
    ranked-model (0.4.0)
      activerecord (>= 3.1.12)
    rb-fsevent (0.9.7)
    rb-inotify (0.9.7)
      ffi (>= 0.5.0)
    rdoc (3.9.5)
    recaptcha (3.3.0)
      json
    ref (2.0.0)
    responders (1.1.2)
      railties (>= 3.2, < 4.2)
    rest-client (2.0.0)
      http-cookie (>= 1.0.2, < 2.0)
      mime-types (>= 1.16, < 4.0)
      netrc (~> 0.8)
    routing-filter (0.4.0.1)
      actionpack (< 4.2)
    rubysl (2.2.0)
      rubysl-abbrev (~> 2.0)
      rubysl-base64 (~> 2.0)
      rubysl-benchmark (~> 2.0)
      rubysl-bigdecimal (~> 2.0)
      rubysl-cgi (~> 2.0)
      rubysl-cgi-session (~> 2.0)
      rubysl-cmath (~> 2.0)
      rubysl-complex (~> 2.0)
      rubysl-continuation (~> 2.0)
      rubysl-coverage (~> 2.0)
      rubysl-csv (~> 2.0)
      rubysl-curses (~> 2.0)
      rubysl-date (~> 2.0)
      rubysl-delegate (~> 2.0)
      rubysl-digest (~> 2.0)
      rubysl-drb (~> 2.0)
      rubysl-e2mmap (~> 2.0)
      rubysl-english (~> 2.0)
      rubysl-enumerator (~> 2.0)
      rubysl-erb (~> 2.0)
      rubysl-etc (~> 2.0)
      rubysl-expect (~> 2.0)
      rubysl-fcntl (~> 2.0)
      rubysl-fiber (~> 2.0)
      rubysl-fileutils (~> 2.0)
      rubysl-find (~> 2.0)
      rubysl-forwardable (~> 2.0)
      rubysl-getoptlong (~> 2.0)
      rubysl-gserver (~> 2.0)
      rubysl-io-console (~> 2.0)
      rubysl-io-nonblock (~> 2.0)
      rubysl-io-wait (~> 2.0)
      rubysl-ipaddr (~> 2.0)
      rubysl-irb (~> 2.1)
      rubysl-logger (~> 2.0)
      rubysl-mathn (~> 2.0)
      rubysl-matrix (~> 2.0)
      rubysl-mkmf (~> 2.0)
      rubysl-monitor (~> 2.0)
      rubysl-mutex_m (~> 2.0)
      rubysl-net-ftp (~> 2.0)
      rubysl-net-http (~> 2.0)
      rubysl-net-imap (~> 2.0)
      rubysl-net-pop (~> 2.0)
      rubysl-net-protocol (~> 2.0)
      rubysl-net-smtp (~> 2.0)
      rubysl-net-telnet (~> 2.0)
      rubysl-nkf (~> 2.0)
      rubysl-observer (~> 2.0)
      rubysl-open-uri (~> 2.0)
      rubysl-open3 (~> 2.0)
      rubysl-openssl (~> 2.0)
      rubysl-optparse (~> 2.0)
      rubysl-ostruct (~> 2.0)
      rubysl-pathname (~> 2.0)
      rubysl-prettyprint (~> 2.0)
      rubysl-prime (~> 2.0)
      rubysl-profile (~> 2.0)
      rubysl-profiler (~> 2.0)
      rubysl-pstore (~> 2.0)
      rubysl-pty (~> 2.0)
      rubysl-rational (~> 2.0)
      rubysl-resolv (~> 2.0)
      rubysl-rexml (~> 2.0)
      rubysl-rinda (~> 2.0)
      rubysl-rss (~> 2.0)
      rubysl-scanf (~> 2.0)
      rubysl-securerandom (~> 2.0)
      rubysl-set (~> 2.0)
      rubysl-shellwords (~> 2.0)
      rubysl-singleton (~> 2.0)
      rubysl-socket (~> 2.0)
      rubysl-stringio (~> 2.0)
      rubysl-strscan (~> 2.0)
      rubysl-sync (~> 2.0)
      rubysl-syslog (~> 2.0)
      rubysl-tempfile (~> 2.0)
      rubysl-thread (~> 2.0)
      rubysl-thwait (~> 2.0)
      rubysl-time (~> 2.0)
      rubysl-timeout (~> 2.0)
      rubysl-tmpdir (~> 2.0)
      rubysl-tsort (~> 2.0)
      rubysl-un (~> 2.0)
      rubysl-unicode_normalize (~> 2.0)
      rubysl-uri (~> 2.0)
      rubysl-weakref (~> 2.0)
      rubysl-webrick (~> 2.0)
      rubysl-xmlrpc (~> 2.0)
      rubysl-yaml (~> 2.0)
      rubysl-zlib (~> 2.0)
    rubysl-abbrev (2.0.4)
    rubysl-base64 (2.0.0)
    rubysl-benchmark (2.0.1)
    rubysl-bigdecimal (2.0.2)
    rubysl-cgi (2.0.1)
    rubysl-cgi-session (2.1.0)
    rubysl-cmath (2.0.0)
    rubysl-complex (2.0.0)
    rubysl-continuation (2.0.0)
    rubysl-coverage (2.1)
    rubysl-csv (2.0.2)
      rubysl-english (~> 2.0)
    rubysl-curses (2.0.1)
    rubysl-date (2.0.9)
    rubysl-delegate (2.0.1)
    rubysl-digest (2.0.8)
    rubysl-drb (2.0.1)
    rubysl-e2mmap (2.0.0)
    rubysl-english (2.0.0)
    rubysl-enumerator (2.0.0)
    rubysl-erb (2.0.2)
    rubysl-etc (2.0.3)
      ffi2-generators (~> 0.1)
    rubysl-expect (2.0.0)
    rubysl-fcntl (2.0.4)
      ffi2-generators (~> 0.1)
    rubysl-fiber (2.0.0)
    rubysl-fileutils (2.0.3)
    rubysl-find (2.0.1)
    rubysl-forwardable (2.0.1)
    rubysl-getoptlong (2.0.0)
    rubysl-gserver (2.0.0)
      rubysl-socket (~> 2.0)
      rubysl-thread (~> 2.0)
    rubysl-io-console (2.0.0)
    rubysl-io-nonblock (2.0.0)
    rubysl-io-wait (2.0.0)
    rubysl-ipaddr (2.0.0)
    rubysl-irb (2.1.1)
      rubysl-e2mmap (~> 2.0)
      rubysl-mathn (~> 2.0)
      rubysl-thread (~> 2.0)
    rubysl-logger (2.1.0)
    rubysl-mathn (2.0.0)
    rubysl-matrix (2.1.0)
      rubysl-e2mmap (~> 2.0)
    rubysl-mkmf (2.1)
      rubysl-fileutils (~> 2.0)
      rubysl-shellwords (~> 2.0)
    rubysl-monitor (2.0.0)
    rubysl-mutex_m (2.0.0)
    rubysl-net-ftp (2.0.1)
    rubysl-net-http (2.0.4)
      rubysl-cgi (~> 2.0)
      rubysl-erb (~> 2.0)
      rubysl-singleton (~> 2.0)
    rubysl-net-imap (2.0.1)
    rubysl-net-pop (2.0.1)
    rubysl-net-protocol (2.0.1)
    rubysl-net-smtp (2.0.1)
    rubysl-net-telnet (2.0.0)
    rubysl-nkf (2.0.1)
    rubysl-observer (2.0.0)
    rubysl-open-uri (2.0.0)
    rubysl-open3 (2.0.0)
    rubysl-openssl (2.8.0)
    rubysl-optparse (2.0.1)
      rubysl-shellwords (~> 2.0)
    rubysl-ostruct (2.1.0)
    rubysl-pathname (2.3)
    rubysl-prettyprint (2.0.3)
    rubysl-prime (2.0.1)
    rubysl-profile (2.0.0)
    rubysl-profiler (2.1)
    rubysl-pstore (2.0.0)
    rubysl-pty (2.0.3)
    rubysl-rational (2.0.1)
    rubysl-resolv (2.1.2)
    rubysl-rexml (2.0.4)
    rubysl-rinda (2.0.1)
    rubysl-rss (2.0.0)
    rubysl-scanf (2.0.0)
    rubysl-securerandom (2.0.0)
    rubysl-set (2.0.1)
    rubysl-shellwords (2.0.0)
    rubysl-singleton (2.0.0)
    rubysl-socket (2.1.2)
      rubysl-fcntl (~> 2.0)
    rubysl-stringio (2.1.0)
    rubysl-strscan (2.0.0)
    rubysl-sync (2.0.0)
    rubysl-syslog (2.1.0)
      ffi2-generators (~> 0.1)
    rubysl-tempfile (2.0.1)
    rubysl-thread (2.0.3)
    rubysl-thwait (2.0.0)
    rubysl-time (2.0.3)
    rubysl-timeout (2.0.0)
    rubysl-tmpdir (2.0.1)
    rubysl-tsort (2.0.1)
    rubysl-un (2.0.0)
      rubysl-fileutils (~> 2.0)
      rubysl-optparse (~> 2.0)
    rubysl-unicode_normalize (2.0)
    rubysl-uri (2.0.0)
    rubysl-weakref (2.0.0)
    rubysl-webrick (2.0.0)
    rubysl-xmlrpc (2.0.0)
    rubysl-yaml (2.1.0)
    rubysl-zlib (2.0.1)
    rubyzip (1.0.0)
    sass (3.4.22)
    sass-rails (3.2.6)
      railties (~> 3.2.0)
      sass (>= 3.1.10)
      tilt (~> 1.3)
    scrypt (3.0.3)
      ffi-compiler (>= 1.0.0)
      rake
    seed_dump (0.5.3)
    select2-rails (4.0.3)
      thor (~> 0.14)
    sprockets (2.2.3)
      hike (~> 1.2)
      multi_json (~> 1.0)
      rack (~> 1.0)
      tilt (~> 1.1, != 1.3.0)
    test-unit (3.2.1)
      power_assert
    therubyracer (0.12.2)
      libv8 (~> 3.16.14.0)
      ref
    thor (0.19.1)
    thread_safe (0.3.5)
    tilt (1.4.1)
    time_diff (0.3.0)
      activesupport
      i18n
    treetop (1.4.15)
      polyglot
      polyglot (>= 0.3.1)
    ttfunk (1.4.0)
    turbo-sprockets-rails3 (0.3.14)
      railties (> 3.2.8, < 4.0.0)
      sprockets (>= 2.2.0)
    turbolinks (5.0.1)
      turbolinks-source (~> 5)
    turbolinks-source (5.0.0)
    twitter-typeahead-rails (0.11.1)
      actionpack (>= 3.1)
      jquery-rails
      railties (>= 3.1)
    tzinfo (0.3.51)
    uber (0.0.15)
    uglifier (2.5.1)
      execjs (>= 0.3.0)
      json (>= 1.8.0)
    unf (0.1.4)
      unf_ext
    unf_ext (0.0.7.2)
    warden (1.2.6)
      rack (>= 1.0)
    will_paginate (3.1.0)
    ya2yaml (0.31)
    yui-compressor (0.12.0)

PLATFORMS
  ruby

DEPENDENCIES
  activerecord-jdbcmysql-adapter
  acts-as-taggable-on (= 3.1.1)
  bootstrap-sass (= 3.1.1.0)
  coffee-rails (~> 3.2.1)
  compass-rails
  daemons
  delayed_job
  delayed_job_active_record
  enumerations_mixin!
  figaro
  i18n-active_record!
  interpret
  mysql2
  nokogiri (= 1.6.2.1)
  planner-core (>= 0.1)!
  planner_konopas (>= 0.1)!
  puma
  racc (= 1.4.9)
  rack (= 1.4.5)
  rake
  rdoc
  rubysl
  sass-rails (>= 3.2)
  seed_dump (= 0.5.3)
  test-unit
  therubyracer
  therubyrhino
  turbo-sprockets-rails3
  uglifier (= 2.5.1)
  yui-compressor
